GEM
  remote: https://rubygems.org/
  specs:
    CFPropertyList (3.0.2)
    addressable (2.7.0)
      public_suffix (>= 2.0.2, < 5.0)
    apktools (0.7.3)
      rubyzip (~> 1.3)
    atomos (0.1.3)
    aws-eventstream (1.0.3)
    aws-partitions (1.287.0)
    aws-sdk-core (3.92.0)
      aws-eventstream (~> 1.0, >= 1.0.2)
      aws-partitions (~> 1, >= 1.239.0)
      aws-sigv4 (~> 1.1)
      jmespath (~> 1.0)
    aws-sdk-kms (1.30.0)
      aws-sdk-core (~> 3, >= 3.71.0)
      aws-sigv4 (~> 1.1)
    aws-sdk-s3 (1.61.1)
      aws-sdk-core (~> 3, >= 3.83.0)
      aws-sdk-kms (~> 1)
      aws-sigv4 (~> 1.1)
    aws-sigv4 (1.1.1)
      aws-eventstream (~> 1.0, >= 1.0.2)
    babosa (1.0.3)
    backports (3.17.0)
    badge (0.12.0)
      curb (~> 0.9)
      fastimage (>= 1.6)
      fastlane (>= 2.0)
      mini_magick (>= 4.9.4, < 5.0.0)
    cici (0.2.0)
      colorize (~> 0.8, >= 0.8.1)
    claide (1.0.3)
    claide-plugins (0.9.2)
      cork
      nap
      open4 (~> 1.3)
    colored (1.2)
    colored2 (3.1.2)
    colorize (0.8.1)
    commander-fastlane (4.4.6)
      highline (~> 1.7.2)
    connection_pool (2.2.2)
    cork (0.3.0)
      colored2 (~> 3.1)
    curb (0.9.10)
    danger (6.3.1)
      claide (~> 1.0)
      claide-plugins (>= 0.9.2)
      colored2 (~> 3.1)
      cork (~> 0.1)
      faraday (~> 0.9)
      faraday-http-cache (~> 2.0)
      git (~> 1.6)
      kramdown (~> 2.0)
      kramdown-parser-gfm (~> 1.0)
      no_proxy_fix
      octokit (~> 4.7)
      terminal-table (~> 1)
    danger-android_version_change (0.1.2)
      danger-plugin-api (~> 1.0)
    danger-plugin-api (1.0.0)
      danger (> 2.0)
    declarative (0.0.10)
    declarative-option (0.1.0)
    digest-crc (0.5.1)
    domain_name (0.5.20190701)
      unf (>= 0.0.5, < 1.0.0)
    dotenv (2.7.5)
    dotenv-android (0.1.2)
      colorize (~> 0.8, >= 0.8.1)
      dotenv (~> 2.7, >= 2.7.5)
    emoji_regex (1.0.1)
    ethon (0.12.0)
      ffi (>= 1.3.0)
    excon (0.73.0)
    faraday (0.17.3)
      multipart-post (>= 1.2, < 3)
    faraday-cookie_jar (0.0.6)
      faraday (>= 0.7.4)
      http-cookie (~> 1.0.0)
    faraday-http-cache (2.0.0)
      faraday (~> 0.8)
    faraday_middleware (0.13.1)
      faraday (>= 0.7.4, < 1.0)
    fastimage (2.1.7)
    fastlane (2.144.0)
      CFPropertyList (>= 2.3, < 4.0.0)
      addressable (>= 2.3, < 3.0.0)
      aws-sdk-s3 (~> 1.0)
      babosa (>= 1.0.2, < 2.0.0)
      bundler (>= 1.12.0, < 3.0.0)
      colored
      commander-fastlane (>= 4.4.6, < 5.0.0)
      dotenv (>= 2.1.1, < 3.0.0)
      emoji_regex (>= 0.1, < 2.0)
      excon (>= 0.71.0, < 1.0.0)
      faraday (~> 0.17)
      faraday-cookie_jar (~> 0.0.6)
      faraday_middleware (~> 0.13.1)
      fastimage (>= 2.1.0, < 3.0.0)
      gh_inspector (>= 1.1.2, < 2.0.0)
      google-api-client (>= 0.29.2, < 0.37.0)
      google-cloud-storage (>= 1.15.0, < 2.0.0)
      highline (>= 1.7.2, < 2.0.0)
      json (< 3.0.0)
      jwt (~> 2.1.0)
      mini_magick (>= 4.9.4, < 5.0.0)
      multi_xml (~> 0.5)
      multipart-post (~> 2.0.0)
      plist (>= 3.1.0, < 4.0.0)
      public_suffix (~> 2.0.0)
      rubyzip (>= 1.3.0, < 2.0.0)
      security (= 0.1.3)
      simctl (~> 1.6.3)
      slack-notifier (>= 2.0.0, < 3.0.0)
      terminal-notifier (>= 2.0.0, < 3.0.0)
      terminal-table (>= 1.4.5, < 2.0.0)
      tty-screen (>= 0.6.3, < 1.0.0)
      tty-spinner (>= 0.8.0, < 1.0.0)
      word_wrap (~> 1.0.0)
      xcodeproj (>= 1.13.0, < 2.0.0)
      xcpretty (~> 0.3.0)
      xcpretty-travis-formatter (>= 0.0.3)
    fastlane-plugin-appicon (0.14.1)
      json
      mini_magick (>= 4.9.4, < 5.0.0)
    fastlane-plugin-badge (1.4.0)
      badge (~> 0.12.0)
    fastlane-plugin-get_android_version (0.3.5)
      apktools
    fastlane-plugin-postmark (0.1.0)
      postmark (~> 1.20)
    fastlane-plugin-versioning_android (0.1.0)
    ffi (1.12.2)
    gh (0.14.0)
      addressable
      backports
      faraday (~> 0.8)
      multi_json (~> 1.0)
      net-http-persistent (>= 2.7)
      net-http-pipeline
    gh_inspector (1.1.3)
    git (1.6.0)
      rchardet (~> 1.8)
    google-api-client (0.36.4)
      addressable (~> 2.5, >= 2.5.1)
      googleauth (~> 0.9)
      httpclient (>= 2.8.1, < 3.0)
      mini_mime (~> 1.0)
      representable (~> 3.0)
      retriable (>= 2.0, < 4.0)
      signet (~> 0.12)
    google-cloud-core (1.5.0)
      google-cloud-env (~> 1.0)
      google-cloud-errors (~> 1.0)
    google-cloud-env (1.3.1)
      faraday (>= 0.17.3, < 2.0)
    google-cloud-errors (1.0.0)
    google-cloud-storage (1.25.1)
      addressable (~> 2.5)
      digest-crc (~> 0.4)
      google-api-client (~> 0.33)
      google-cloud-core (~> 1.2)
      googleauth (~> 0.9)
      mini_mime (~> 1.0)
    googleauth (0.11.0)
      faraday (>= 0.17.3, < 2.0)
      jwt (>= 1.4, < 3.0)
      memoist (~> 0.16)
      multi_json (~> 1.11)
      os (>= 0.9, < 2.0)
      signet (~> 0.12)
    highline (1.7.10)
    http-cookie (1.0.3)
      domain_name (~> 0.5)
    httpclient (2.8.3)
    jmespath (1.4.0)
    json (2.3.0)
    jwt (2.1.0)
    kramdown (2.1.0)
    kramdown-parser-gfm (1.1.0)
      kramdown (~> 2.0)
    launchy (2.5.0)
      addressable (~> 2.7)
    memoist (0.16.2)
    mini_magick (4.10.1)
    mini_mime (1.0.2)
    multi_json (1.14.1)
    multi_xml (0.6.0)
    multipart-post (2.0.0)
    nanaimo (0.2.6)
    nap (1.1.0)
    naturally (2.2.0)
    net-http-persistent (3.1.0)
      connection_pool (~> 2.2)
    net-http-pipeline (1.0.1)
    net-ssh (5.2.0)
    no_proxy_fix (0.1.2)
    octokit (4.17.0)
      faraday (>= 0.9)
      sawyer (~> 0.8.0, >= 0.5.3)
    open4 (1.3.4)
    os (1.0.1)
    plist (3.5.0)
    postmark (1.20.0)
      json
    public_suffix (2.0.5)
    pusher-client (0.6.2)
      json
      websocket (~> 1.0)
    rchardet (1.8.0)
    representable (3.0.4)
      declarative (< 0.1.0)
      declarative-option (< 0.2.0)
      uber (< 0.2.0)
    retriable (3.1.2)
    rouge (2.0.7)
    rubyzip (1.3.0)
    sawyer (0.8.2)
      addressable (>= 2.3.5)
      faraday (> 0.8, < 2.0)
    security (0.1.3)
    signet (0.13.0)
      addressable (~> 2.3)
      faraday (>= 0.17.3, < 2.0)
      jwt (>= 1.5, < 3.0)
      multi_json (~> 1.10)
    simctl (1.6.8)
      CFPropertyList
      naturally
    slack-notifier (2.3.2)
    terminal-notifier (2.0.0)
    terminal-table (1.8.0)
      unicode-display_width (~> 1.1, >= 1.1.1)
    travis (1.8.12)
      backports
      faraday (~> 0.9)
      faraday_middleware (~> 0.9, >= 0.9.1)
      gh (~> 0.13)
      highline (~> 1.6)
      launchy (~> 2.1)
      pusher-client (~> 0.4)
      typhoeus (~> 0.6, >= 0.6.8)
    trent (0.4.0)
      colorize (~> 0.8, >= 0.8.1)
      net-ssh (~> 5.0, >= 5.0.2)
      travis (~> 1.8, >= 1.8.2)
    tty-cursor (0.7.1)
    tty-screen (0.7.1)
    tty-spinner (0.9.3)
      tty-cursor (~> 0.7)
    typhoeus (0.8.0)
      ethon (>= 0.8.0)
    uber (0.1.0)
    unf (0.1.4)
      unf_ext
    unf_ext (0.0.7.6)
    unicode-display_width (1.7.0)
    websocket (1.2.8)
    word_wrap (1.0.0)
    xcodeproj (1.15.0)
      CFPropertyList (>= 2.3.3, < 4.0)
      atomos (~> 0.1.3)
      claide (>= 1.0.2, < 2.0)
      colored2 (~> 3.1)
      nanaimo (~> 0.2.6)
    xcpretty (0.3.0)
      rouge (~> 2.0.7)
    xcpretty-travis-formatter (1.0.0)
      xcpretty (~> 0.2, >= 0.0.7)

PLATFORMS
  ruby

DEPENDENCIES
  cici (~> 0.2.0)
  danger (~> 6)
  danger-android_version_change (~> 0.1.2)
  dotenv (~> 2.7)
  dotenv-android (~> 0.1.2)
  fastlane
  fastlane-plugin-appicon
  fastlane-plugin-badge
  fastlane-plugin-get_android_version
  fastlane-plugin-postmark
  fastlane-plugin-versioning_android
  trent (~> 0.4.0)

BUNDLED WITH
   1.17.3
